GIT
  remote: https://github.com/stripe/stripe-ruby
  revision: 2c6f4caa99916c33d3f9af57f66422ff5ea913cf
  specs:
    stripe (1.15.0)
      json (~> 1.8.1)
      mime-types (>= 1.25, < 3.0)
      rest-client (~> 1.4)

GEM
  remote: https://rubygems.org/
  specs:
    activemodel (4.1.6)
      activesupport (= 4.1.6)
      builder (~> 3.1)
    activesupport (4.1.6)
      i18n (~> 0.6, >= 0.6.9)
      json (~> 1.7, >= 1.7.7)
      minitest (~> 5.1)
      thread_safe (~> 0.1)
      tzinfo (~> 1.1)
    aws-sdk (1.40.0)
      json (~> 1.4)
      nokogiri (>= 1.4.4)
    bcrypt (3.1.7)
    bcrypt-ruby (3.1.5)
      bcrypt (>= 3.1.3)
    bson (2.3.0)
    builder (3.2.2)
    capistrano (3.2.1)
      i18n
      rake (>= 10.0.0)
      sshkit (~> 1.3)
    capistrano-bundler (1.1.3)
      capistrano (~> 3.1)
      sshkit (~> 1.2)
    capistrano-rvm (0.1.1)
      capistrano (~> 3.0)
      sshkit (~> 1.2)
    capistrano3-puma (0.8.0)
      capistrano (~> 3.0)
      puma (>= 2.6)
    capybara (2.2.1)
      mime-types (>= 1.16)
      nokogiri (>= 1.3.3)
      rack (>= 1.0.0)
      rack-test (>= 0.5.4)
      xpath (~> 2.0)
    childprocess (0.5.3)
      ffi (~> 1.0, >= 1.0.11)
    colorize (0.7.2)
    connection_pool (2.0.0)
    diff-lcs (1.2.5)
    ffi (1.9.3)
    haml (4.0.5)
      tilt
    http_router (0.11.1)
      rack (>= 1.0.0)
      url_mount (~> 0.2.1)
    i18n (0.6.11)
    json (1.8.1)
    kgio (2.9.2)
    mail (2.5.4)
      mime-types (~> 1.16)
      treetop (~> 1.4.8)
    mime-types (1.25.1)
    mini_portile (0.5.3)
    minitest (5.4.1)
    moneta (0.7.20)
    mongoid (4.0.0)
      activemodel (~> 4.0)
      moped (~> 2.0.0)
      origin (~> 2.1)
      tzinfo (>= 0.3.37)
    moped (2.0.0)
      bson (~> 2.2)
      connection_pool (~> 2.0)
      optionable (~> 0.2.0)
    multi_json (1.10.0)
    net-scp (1.2.1)
      net-ssh (>= 2.6.5)
    net-ssh (2.9.1)
    newrelic_rpm (3.8.1.221)
    nokogiri (1.6.1)
      mini_portile (~> 0.5.0)
    optionable (0.2.0)
    origin (2.1.1)
    padrino (0.12.3)
      padrino-admin (= 0.12.3)
      padrino-cache (= 0.12.3)
      padrino-core (= 0.12.3)
      padrino-gen (= 0.12.3)
      padrino-helpers (= 0.12.3)
      padrino-mailer (= 0.12.3)
      padrino-support (= 0.12.3)
    padrino-admin (0.12.3)
      padrino-core (= 0.12.3)
      padrino-helpers (= 0.12.3)
    padrino-cache (0.12.3)
      moneta (~> 0.7.0)
      padrino-core (= 0.12.3)
      padrino-helpers (= 0.12.3)
    padrino-core (0.12.3)
      activesupport (>= 3.1)
      http_router (~> 0.11.0)
      padrino-support (= 0.12.3)
      rack-protection (>= 1.5.0)
      sinatra (~> 1.4.2)
      thor (~> 0.18)
    padrino-gen (0.12.3)
      bundler (~> 1.0)
      padrino-core (= 0.12.3)
    padrino-helpers (0.12.3)
      i18n (~> 0.6, >= 0.6.7)
      padrino-support (= 0.12.3)
      tilt (~> 1.4.1)
    padrino-mailer (0.12.3)
      mail (~> 2.5.3)
      padrino-core (= 0.12.3)
    padrino-support (0.12.3)
      activesupport (>= 3.1)
    polyglot (0.3.5)
    puma (2.9.0)
      rack (>= 1.1, < 2.0)
    rack (1.5.2)
    rack-protection (1.5.3)
      rack
    rack-test (0.6.2)
      rack (>= 1.0)
    raindrops (0.13.0)
    rake (10.3.1)
    rdiscount (2.1.7.1)
    rest-client (1.6.7)
      mime-types (>= 1.16)
    rspec (2.14.1)
      rspec-core (~> 2.14.0)
      rspec-expectations (~> 2.14.0)
      rspec-mocks (~> 2.14.0)
    rspec-core (2.14.8)
    rspec-expectations (2.14.5)
      diff-lcs (>= 1.1.3, < 2.0)
    rspec-mocks (2.14.6)
    rubyzip (1.1.3)
    sass (3.3.7)
    selenium-webdriver (2.41.0)
      childprocess (>= 0.5.0)
      multi_json (~> 1.0)
      rubyzip (~> 1.0)
      websocket (~> 1.0.4)
    sinatra (1.4.5)
      rack (~> 1.4)
      rack-protection (~> 1.4)
      tilt (~> 1.3, >= 1.3.4)
    slim (2.0.2)
      temple (~> 0.6.6)
      tilt (>= 1.3.3, < 2.1)
    sshkit (1.5.1)
      colorize
      net-scp (>= 1.1.2)
      net-ssh (>= 2.8.0)
    temple (0.6.7)
    thor (0.19.1)
    thread_safe (0.3.4)
    tilt (1.4.1)
    treetop (1.4.15)
      polyglot
      polyglot (>= 0.3.1)
    tzinfo (1.2.2)
      thread_safe (~> 0.1)
    unicorn (4.8.3)
      kgio (~> 2.6)
      rack
      raindrops (~> 0.7)
    url_mount (0.2.1)
      rack
    websocket (1.0.7)
    xpath (2.0.0)
      nokogiri (~> 1.3)

PLATFORMS
  ruby

DEPENDENCIES
  aws-sdk
  bcrypt-ruby
  capistrano
  capistrano-bundler
  capistrano-rvm
  capistrano3-puma
  capybara
  colorize
  haml
  moneta
  mongoid (~> 4.0.0)
  newrelic_rpm
  padrino (= 0.12.3)
  puma
  rack-test
  rake
  rdiscount
  rest-client
  rspec
  sass
  selenium-webdriver
  slim
  stripe!
  unicorn
